GEM
  remote: https://rubygems.org/
  specs:
    rubyzip (1.2.0)
    string-similarity (2.0.0)

PLATFORMS
  ruby
  x86-mingw32

DEPENDENCIES
  rubyzip
  string-similarity

BUNDLED WITH
   1.14.6
